GEM
  remote: https://rubygems.org/
  specs:
    holidays (7.1.0)
    minitest (5.11.3)
    rake (12.3.3)
    sorbet (0.4.4439)
      sorbet-static (= 0.4.4439)
    sorbet-runtime (0.4.4439)
    sorbet-static (0.4.4439-universal-darwin-14)

PLATFORMS
  ruby

DEPENDENCIES
  holidays
  minitest
  rake
  sorbet
  sorbet-runtime

BUNDLED WITH
   1.17.2
