GEM
  remote: https://rubygems.org/
  specs:
    holidays (7.1.0)
    minitest (5.11.3)
    rake (12.3.2)

PLATFORMS
  ruby

DEPENDENCIES
  holidays
  minitest
  rake

BUNDLED WITH
   1.17.2
